GEM
  remote: http://rubygems.org/
  specs:
    eventmachine (1.0.3)
    faye-websocket (0.5.0)
      eventmachine (>= 0.12.0)
      websocket-driver
    json (1.7.7)
    websocket-driver (0.1.0)

PLATFORMS
  ruby

DEPENDENCIES
  faye-websocket
  json
